PATH
  remote: .
  specs:
    organization_gem_dependencies (0.1.0)

GEM
  remote: https://rubygems.org/
  specs:
    minitest (5.11.3)
    rake (12.3.1)

PLATFORMS
  ruby

DEPENDENCIES
  minitest (~> 5.0)
  organization_gem_dependencies!
  rake (~> 12.0)

BUNDLED WITH
   1.16.1
